PATH
  remote: .
  specs:
    lit-cli (0.6.0)
      pastel
      pry

GEM
  remote: https://rubygems.org/
  specs:
    coderay (1.1.3)
    method_source (1.0.0)
    pastel (0.8.0)
      tty-color (~> 0.5)
    pry (0.13.1)
      coderay (~> 1.1)
      method_source (~> 1.0)
    tty-color (0.6.0)

PLATFORMS
  x86_64-darwin-19

DEPENDENCIES
  lit-cli!

BUNDLED WITH
   2.2.8
